GEM
  remote: https://rubygems.org/
  specs:
    chunky_png (1.4.0)
    httparty (0.20.0)
      mime-types (~> 3.0)
      multi_xml (>= 0.5.2)
    mime-types (3.1)
      mime-types-data (~> 3.2015)
    mime-types-data (3.2016.0521)
    multi_xml (0.6.0)
    rqrcode (2.1.2)
      chunky_png (~> 1.0)
      rqrcode_core (~> 1.0)
    rqrcode_core (1.2.0)

PLATFORMS
  arm64-darwin-21

DEPENDENCIES
  httparty
  rqrcode

BUNDLED WITH
   2.3.17
